GIT
  remote: https://github.com/mad-raz/sorcery.git
  revision: 418ea4fce3a48bbe61f32c67eb3ba17fb3a0af2f
  branch: 1-0-x
  specs:
    sorcery (0.9.1)
      bcrypt (~> 3.1)

GIT
  remote: https://github.com/mad-raz/transmission-rpc.git
  revision: 9ecc4ade33a25be5eca38051928f7ef3726e2934
  specs:
    transmission-rpc (0.1.1)
      activesupport
      json
      rest-client

GEM
  remote: https://rubygems.org/
  specs:
    actioncable (5.0.0)
      actionpack (= 5.0.0)
      nio4r (~> 1.2)
      websocket-driver (~> 0.6.1)
    actionmailer (5.0.0)
      actionpack (= 5.0.0)
      actionview (= 5.0.0)
      activejob (= 5.0.0)
      mail (~> 2.5, >= 2.5.4)
      rails-dom-testing (~> 2.0)
    actionpack (5.0.0)
      actionview (= 5.0.0)
      activesupport (= 5.0.0)
      rack (~> 2.0)
      rack-test (~> 0.6.3)
      rails-dom-testing (~> 2.0)
      rails-html-sanitizer (~> 1.0, >= 1.0.2)
    actionview (5.0.0)
      activesupport (= 5.0.0)
      builder (~> 3.1)
      erubis (~> 2.7.0)
      rails-dom-testing (~> 2.0)
      rails-html-sanitizer (~> 1.0, >= 1.0.2)
    activejob (5.0.0)
      activesupport (= 5.0.0)
      globalid (>= 0.3.6)
    activemodel (5.0.0)
      activesupport (= 5.0.0)
    activemodel-serializers-xml (1.0.1)
      activemodel (> 5.x)
      activerecord (> 5.x)
      activesupport (> 5.x)
      builder (~> 3.1)
    activerecord (5.0.0)
      activemodel (= 5.0.0)
      activesupport (= 5.0.0)
      arel (~> 7.0)
    activesupport (5.0.0)
      concurrent-ruby (~> 1.0, >= 1.0.2)
      i18n (~> 0.7)
      minitest (~> 5.1)
      tzinfo (~> 1.1)
    addressable (2.4.0)
    annotate (2.7.1)
      activerecord (>= 3.2, < 6.0)
      rake (>= 10.4, < 12.0)
    arel (7.1.2)
    ast (2.3.0)
    autoprefixer-rails (6.5.0.1)
      execjs
    axiom-types (0.1.1)
      descendants_tracker (~> 0.0.4)
      ice_nine (~> 0.11.0)
      thread_safe (~> 0.3, >= 0.3.1)
    bcrypt (3.1.11)
    bootstrap (4.0.0.alpha3)
      autoprefixer-rails (>= 6.0.3)
      sass (>= 3.4.19)
    brakeman (3.4.0)
    builder (3.2.2)
    byebug (9.0.6)
    climate_control (0.0.3)
      activesupport (>= 3.0)
    cocaine (0.5.8)
      climate_control (>= 0.0.3, < 1.0)
    codeclimate-engine-rb (0.3.1)
      virtus (~> 1.0)
    coderay (1.1.1)
    coercible (1.0.0)
      descendants_tracker (~> 0.0.1)
    coffee-rails (4.2.1)
      coffee-script (>= 2.2.0)
      railties (>= 4.0.0, < 5.2.x)
    coffee-script (2.4.1)
      coffee-script-source
      execjs
    coffee-script-source (1.10.0)
    colorize (0.8.1)
    concurrent-ruby (1.0.2)
    debug_inspector (0.0.2)
    descendants_tracker (0.0.4)
      thread_safe (~> 0.3, >= 0.3.1)
    diff-lcs (1.2.5)
    domain_name (0.5.20160826)
      unf (>= 0.0.5, < 1.0.0)
    dotenv (2.1.1)
    dotenv-rails (2.1.1)
      dotenv (= 2.1.1)
      railties (>= 4.0, < 5.1)
    draper (3.0.0.pre1)
      actionpack (~> 5.0)
      activemodel (~> 5.0)
      activemodel-serializers-xml (~> 1.0)
      activesupport (~> 5.0)
      request_store (~> 1.0)
    dropzonejs-rails (0.7.3)
      rails (> 3.1)
    equalizer (0.0.11)
    erubis (2.7.0)
    execjs (2.7.0)
    fabrication (2.15.2)
    faker (1.6.6)
      i18n (~> 0.5)
    ffi (1.9.14)
    flay (2.8.1)
      erubis (~> 2.7.0)
      path_expander (~> 1.0)
      ruby_parser (~> 3.0)
      sexp_processor (~> 4.0)
    flog (4.4.0)
      path_expander (~> 1.0)
      ruby_parser (~> 3.1, > 3.1.0)
      sexp_processor (~> 4.4)
    globalid (0.3.7)
      activesupport (>= 4.1.0)
    haml (4.0.7)
      tilt
    haml-rails (0.9.0)
      actionpack (>= 4.0.1)
      activesupport (>= 4.0.1)
      haml (>= 4.0.6, < 5.0)
      html2haml (>= 1.0.1)
      railties (>= 4.0.1)
    html2haml (2.0.0)
      erubis (~> 2.7.0)
      haml (~> 4.0.0)
      nokogiri (~> 1.6.0)
      ruby_parser (~> 3.5)
    http-cookie (1.0.3)
      domain_name (~> 0.5)
    i18n (0.7.0)
    ice_nine (0.11.2)
    jquery-rails (4.2.1)
      rails-dom-testing (>= 1, < 3)
      railties (>= 4.2.0)
      thor (>= 0.14, < 2.0)
    json (2.0.2)
    launchy (2.4.3)
      addressable (~> 2.3)
    letter_opener (1.4.1)
      launchy (~> 2.2)
    listen (3.1.5)
      rb-fsevent (~> 0.9, >= 0.9.4)
      rb-inotify (~> 0.9, >= 0.9.7)
      ruby_dep (~> 1.2)
    loofah (2.0.3)
      nokogiri (>= 1.5.9)
    mail (2.6.4)
      mime-types (>= 1.16, < 4)
    memoist (0.15.0)
    method_source (0.8.2)
    mime-types (3.1)
      mime-types-data (~> 3.2015)
    mime-types-data (3.2016.0521)
    mimemagic (0.3.2)
    mini_portile2 (2.1.0)
    minitest (5.9.1)
    netrc (0.11.0)
    nio4r (1.2.1)
    nokogiri (1.6.8)
      mini_portile2 (~> 2.1.0)
      pkg-config (~> 1.1.7)
    paperclip (5.1.0)
      activemodel (>= 4.2.0)
      activesupport (>= 4.2.0)
      cocaine (~> 0.5.5)
      mime-types
      mimemagic (~> 0.3.0)
    parser (2.3.1.2)
      ast (~> 2.2)
    parsley-rails (2.4.4.0)
      railties (>= 3.0.0)
    path_expander (1.0.0)
    pg (0.19.0)
    pkg-config (1.1.7)
    powerpack (0.1.1)
    pry (0.10.4)
      coderay (~> 1.1.0)
      method_source (~> 0.8.1)
      slop (~> 3.4)
    pry-byebug (3.4.0)
      byebug (~> 9.0)
      pry (~> 0.10)
    pry-rails (0.3.4)
      pry (>= 0.9.10)
    puma (3.6.0)
    rack (2.0.1)
    rack-test (0.6.3)
      rack (>= 1.0)
    rails (5.0.0)
      actioncable (= 5.0.0)
      actionmailer (= 5.0.0)
      actionpack (= 5.0.0)
      actionview (= 5.0.0)
      activejob (= 5.0.0)
      activemodel (= 5.0.0)
      activerecord (= 5.0.0)
      activesupport (= 5.0.0)
      bundler (>= 1.3.0, < 2.0)
      railties (= 5.0.0)
      sprockets-rails (>= 2.0.0)
    rails-assets-tether (1.1.1)
    rails-dom-testing (2.0.1)
      activesupport (>= 4.2.0, < 6.0)
      nokogiri (~> 1.6.0)
    rails-html-sanitizer (1.0.3)
      loofah (~> 2.0)
    rails_12factor (0.0.3)
      rails_serve_static_assets
      rails_stdout_logging
    rails_serve_static_assets (0.0.5)
    rails_stdout_logging (0.0.5)
    railties (5.0.0)
      actionpack (= 5.0.0)
      activesupport (= 5.0.0)
      method_source
      rake (>= 0.8.7)
      thor (>= 0.18.1, < 2.0)
    rainbow (2.1.0)
    rake (11.3.0)
    rb-fsevent (0.9.7)
    rb-inotify (0.9.7)
      ffi (>= 0.5.0)
    redis (3.3.1)
    reek (4.4.2)
      codeclimate-engine-rb (~> 0.3.1)
      parser (~> 2.3.1, >= 2.3.1.2)
      rainbow (~> 2.0)
    request_store (1.3.1)
    rest-client (2.0.0)
      http-cookie (>= 1.0.2, < 2.0)
      mime-types (>= 1.16, < 4.0)
      netrc (~> 0.8)
    rspec-core (3.5.4)
      rspec-support (~> 3.5.0)
    rspec-expectations (3.5.0)
      diff-lcs (>= 1.2.0, < 2.0)
      rspec-support (~> 3.5.0)
    rspec-mocks (3.5.0)
      diff-lcs (>= 1.2.0, < 2.0)
      rspec-support (~> 3.5.0)
    rspec-rails (3.5.2)
      actionpack (>= 3.0)
      activesupport (>= 3.0)
      railties (>= 3.0)
      rspec-core (~> 3.5.0)
      rspec-expectations (~> 3.5.0)
      rspec-mocks (~> 3.5.0)
      rspec-support (~> 3.5.0)
    rspec-support (3.5.0)
    rubocop (0.44.1)
      parser (>= 2.3.1.1, < 3.0)
      powerpack (~> 0.1)
      rainbow (>= 1.99.1, < 3.0)
      ruby-progressbar (~> 1.7)
      unicode-display_width (~> 1.0, >= 1.0.1)
    ruby-progressbar (1.8.1)
    ruby_dep (1.4.0)
    ruby_parser (3.8.2)
      sexp_processor (~> 4.1)
    rubycritic (2.9.4)
      colorize
      flay (~> 2.8)
      flog (~> 4.4)
      launchy (= 2.4.3)
      parser (= 2.3.1.2)
      reek (~> 4.4)
      ruby_parser (~> 3.8)
      virtus (~> 1.0)
    rubyzip (1.2.0)
    sass (3.4.22)
    sass-rails (5.0.6)
      railties (>= 4.0.0, < 6)
      sass (~> 3.1)
      sprockets (>= 2.8, < 4.0)
      sprockets-rails (>= 2.0, < 4.0)
      tilt (>= 1.1, < 3)
    sexp_processor (4.7.0)
    shoulda-matchers (3.1.1)
      activesupport (>= 4.0.0)
    slop (3.6.0)
    sprockets (3.7.0)
      concurrent-ruby (~> 1.0)
      rack (> 1, < 3)
    sprockets-rails (3.2.0)
      actionpack (>= 4.0)
      activesupport (>= 4.0)
      sprockets (>= 3.0.0)
    stripe (1.55.0)
      rest-client (>= 1.4, < 4.0)
    thor (0.19.1)
    thread_safe (0.3.5)
    tilt (2.0.5)
    timecop (0.8.1)
    turbolinks (5.0.1)
      turbolinks-source (~> 5)
    turbolinks-source (5.0.0)
    tzinfo (1.2.2)
      thread_safe (~> 0.1)
    tzinfo-data (1.2016.7)
      tzinfo (>= 1.0.0)
    uglifier (3.0.2)
      execjs (>= 0.3.0, < 3)
    unf (0.1.4)
      unf_ext
    unf_ext (0.0.7.2)
    unicode-display_width (1.1.1)
    validates_email_format_of (1.6.3)
      i18n
    virtus (1.0.5)
      axiom-types (~> 0.1)
      coercible (~> 1.0)
      descendants_tracker (~> 0.0, >= 0.0.3)
      equalizer (~> 0.0, >= 0.0.9)
    web-console (3.3.1)
      actionview (>= 5.0)
      activemodel (>= 5.0)
      debug_inspector
      railties (>= 5.0)
    websocket-driver (0.6.4)
      websocket-extensions (>= 0.1.0)
    websocket-extensions (0.1.2)

PLATFORMS
  ruby

DEPENDENCIES
  annotate
  bootstrap (= 4.0.0.alpha3)
  brakeman
  coffee-rails
  dotenv-rails
  draper (~> 3.0.0.pre1)
  dropzonejs-rails
  fabrication
  faker
  haml-rails
  jquery-rails
  letter_opener
  listen
  memoist
  nokogiri
  paperclip
  parsley-rails
  pg
  pry-byebug
  pry-rails
  puma
  rails (= 5)
  rails-assets-tether
  rails_12factor
  redis
  rspec-rails
  rubocop
  rubycritic
  rubyzip
  sass-rails
  shoulda-matchers
  sorcery!
  stripe
  timecop
  transmission-rpc!
  turbolinks
  tzinfo-data
  uglifier
  validates_email_format_of
  web-console

BUNDLED WITH
   1.13.2
